GEM
  remote: https://rubygems.org/
  specs:
    activemodel (5.0.2)
      activesupport (= 5.0.2)
    activesupport (5.0.2)
      concurrent-ruby (~> 1.0, >= 1.0.2)
      i18n (~> 0.7)
      minitest (~> 5.1)
      tzinfo (~> 1.1)
    as-notifications (1.0.1)
    awesome_print (1.7.0)
    blockenspiel (0.5.0)
    concurrent-ruby (1.1.4)
    diff-lcs (1.3)
    disposable (0.0.9)
      representable (~> 2.0)
      uber
    find_a_port (1.0.1)
    haml (4.0.7)
      tilt
    http_router (0.11.2)
      rack (>= 1.0.0)
      url_mount (~> 0.2.1)
    httparty (0.14.0)
      multi_xml (>= 0.5.2)
    i18n (0.9.5)
      concurrent-ruby (~> 1.0)
    json (2.0.3)
    kgio (2.11.2)
    mini_portile2 (2.4.0)
    minitest (5.11.3)
    multi_json (1.12.1)
    multi_xml (0.6.0)
    mustermann (1.0.3)
    nokogiri (1.10.1)
      mini_portile2 (~> 2.4.0)
    pact (1.10.0)
      json
      pact-mock_service (~> 0.11)
      pact-support (~> 0.6)
      rack-test (~> 0.6.2)
      randexp (~> 0.1.7)
      rspec (>= 2.14)
      term-ansicolor (~> 1.0)
      thor
      webrick
    pact-mock_service (0.12.1)
      find_a_port (~> 1.0.1)
      json
      pact-support (~> 0.5)
      rack
      rack-test (~> 0.6.2)
      rspec (>= 2.14)
      term-ansicolor (~> 1.0)
      thor
      webrick
    pact-support (0.6.0)
      awesome_print (~> 1.1)
      find_a_port (~> 1.0.1)
      json
      rack-test (~> 0.6.2)
      randexp (~> 0.1.7)
      rspec (>= 2.14)
      term-ansicolor (~> 1.0)
      thor
    pact_broker (1.14.0)
      haml
      httparty
      json
      pact (~> 1.4)
      pact-support (~> 0.4, >= 0.4.2)
      padrino-core (~> 0.12.4)
      rack
      redcarpet (~> 3.1)
      reform (~> 1.0)
      roar (~> 1.0.0.beta2)
      sequel (~> 4.23)
      trailblazer (~> 0.3.0)
      versionomy (~> 0.4)
      webmachine (= 1.4.0)
    padrino-core (0.12.9)
      activesupport (>= 3.1)
      http_router (~> 0.11.0)
      padrino-support (= 0.12.9)
      rack-protection (>= 1.5.0)
      sinatra (>= 1.4.6)
      thor (~> 0.18)
    padrino-support (0.12.9)
      activesupport (>= 3.1)
    pg (0.19.0)
    rack (2.0.6)
    rack-protection (2.0.5)
      rack
    rack-test (0.6.3)
      rack (>= 1.0)
    raindrops (0.19.0)
    randexp (0.1.7)
    redcarpet (3.4.0)
    reform (1.2.6)
      activemodel
      disposable (~> 0.0.5)
      representable (~> 2.1.0)
      uber (~> 0.0.11)
    representable (2.1.8)
      multi_json
      nokogiri
      uber (~> 0.0.7)
    roar (1.0.4)
      representable (>= 2.0.1, < 2.4.0)
    rspec (3.5.0)
      rspec-core (~> 3.5.0)
      rspec-expectations (~> 3.5.0)
      rspec-mocks (~> 3.5.0)
    rspec-core (3.5.4)
      rspec-support (~> 3.5.0)
    rspec-expectations (3.5.0)
      diff-lcs (>= 1.2.0, < 2.0)
      rspec-support (~> 3.5.0)
    rspec-mocks (3.5.0)
      diff-lcs (>= 1.2.0, < 2.0)
      rspec-support (~> 3.5.0)
    rspec-support (3.5.0)
    sequel (4.44.0)
    sinatra (2.0.5)
      mustermann (~> 1.0)
      rack (~> 2.0)
      rack-protection (= 2.0.5)
      tilt (~> 2.0)
    term-ansicolor (1.4.0)
      tins (~> 1.0)
    thor (0.20.3)
    thread_safe (0.3.6)
    tilt (2.0.9)
    tins (1.13.2)
    trailblazer (0.3.3)
      reform (>= 1.2.0)
      uber (>= 0.0.10)
    tzinfo (1.2.5)
      thread_safe (~> 0.1)
    uber (0.0.15)
    unicorn (5.4.1)
      kgio (~> 2.6)
      raindrops (~> 0.7)
    url_mount (0.2.1)
      rack
    versionomy (0.5.0)
      blockenspiel (~> 0.5)
    webmachine (1.4.0)
      as-notifications (~> 1.0)
      i18n (>= 0.4.0)
      multi_json
    webrick (1.4.2)

PLATFORMS
  ruby

DEPENDENCIES
  pact_broker (~> 1.9)
  pg (~> 0.18)
  unicorn (~> 5.4)

RUBY VERSION
   ruby 2.3.3p222

BUNDLED WITH
   1.13.6
